PATH
  remote: ~/opentox-client
  specs:
    opentox-client (0.0.1)
      bundler
      open4
      rdf
      rdf-raptor
      rest-client

PATH
  remote: ~/opentox-server
  specs:
    opentox-server (0.0.1)
      emk-sinatra-url-for
      opentox-client
      rack
      rack-contrib
      roo
      sinatra
      spreadsheet

GEM
  remote: http://rubygems.org/
  specs:
    addressable (2.2.7)
    choice (0.1.5)
    emk-sinatra-url-for (0.2.1)
      sinatra (>= 0.9.1.1)
    faraday (0.7.6)
      addressable (~> 2.2)
      multipart-post (~> 1.1)
      rack (~> 1.1)
    ffi (1.0.11)
    google-spreadsheet-ruby (0.1.6)
      nokogiri (>= 1.4.3.1)
      oauth (>= 0.3.6)
      oauth2 (>= 0.5.0)
    log4r (1.1.10)
    mime-types (1.17.2)
    multi_json (1.0.4)
    multipart-post (1.1.5)
    nokogiri (1.5.0)
    oauth (0.4.5)
    oauth2 (0.5.2)
      faraday (~> 0.7)
      multi_json (~> 1.0)
    open4 (1.3.0)
    rack (1.4.1)
    rack-contrib (1.1.0)
      rack (>= 0.9.1)
    rack-protection (1.2.0)
      rack
    rack-test (0.6.1)
      rack (>= 1.0)
    rdf (0.3.5)
      addressable (>= 2.2.6)
    rdf-raptor (0.4.1)
      ffi (>= 1.0)
      rdf (~> 0.3.0)
    rest-client (1.6.7)
      mime-types (>= 1.16)
    roo (1.10.1)
      choice (>= 0.1.4)
      google-spreadsheet-ruby (>= 0.1.5)
      nokogiri (>= 1.5.0)
      rubyzip (>= 0.9.4)
      spreadsheet (> 0.6.4)
      todonotes (>= 0.1.0)
    ruby-ole (1.2.11.2)
    rubyzip (0.9.6.1)
    sinatra (1.3.2)
      rack (~> 1.3, >= 1.3.6)
      rack-protection (~> 1.2)
      tilt (~> 1.3, >= 1.3.3)
    spreadsheet (0.6.8)
      ruby-ole (>= 1.0)
    tilt (1.3.3)
    todonotes (0.1.0)
      log4r

PLATFORMS
  ruby

DEPENDENCIES
  opentox-client!
  opentox-server!
  rack-test
