PATH
  remote: .
  specs:
    toxbank-investigation (0.0.2pre)
      opentox-server

PATH
  remote: ~/opentox-client
  specs:
    opentox-client (0.0.2pre)
      bundler
      open4
      rdf
      rdf-raptor
      rest-client

PATH
  remote: ~/opentox-server
  specs:
    opentox-server (0.0.2pre)
      emk-sinatra-url-for
      opentox-client
      rack
      rack-contrib
      rdf-n3
      roo
      sinatra
      sinatra-contrib
      unicorn

GEM
  remote: http://rubygems.org/
  specs:
    addressable (2.2.8)
    backports (2.5.1)
    choice (0.1.6)
    emk-sinatra-url-for (0.2.1)
      sinatra (>= 0.9.1.1)
    eventmachine (0.12.10)
    faraday (0.8.0)
      multipart-post (~> 1.1)
    ffi (1.0.11)
    google-spreadsheet-ruby (0.1.8)
      nokogiri (>= 1.4.3.1)
      oauth (>= 0.3.6)
      oauth2 (>= 0.5.0)
    httpauth (0.1)
    kgio (2.7.4)
    log4r (1.1.10)
    mime-types (1.18)
    multi_json (1.3.4)
    multipart-post (1.1.5)
    nokogiri (1.5.2)
    oauth (0.4.6)
    oauth2 (0.7.1)
      faraday (~> 0.8)
      httpauth (~> 0.1)
      multi_json (~> 1.0)
      rack (~> 1.4)
    open4 (1.3.0)
    rack (1.4.1)
    rack-contrib (1.1.0)
      rack (>= 0.9.1)
    rack-protection (1.2.0)
      rack
    rack-test (0.6.1)
      rack (>= 1.0)
    raindrops (0.8.0)
    rdf (0.3.5.2)
      addressable (>= 2.2.6)
    rdf-n3 (0.3.6)
      rdf (>= 0.3.4)
    rdf-raptor (0.4.1)
      ffi (>= 1.0)
      rdf (~> 0.3.0)
    rest-client (1.6.7)
      mime-types (>= 1.16)
    roo (1.10.1)
      choice (>= 0.1.4)
      google-spreadsheet-ruby (>= 0.1.5)
      nokogiri (>= 1.5.0)
      rubyzip (>= 0.9.4)
      spreadsheet (> 0.6.4)
      todonotes (>= 0.1.0)
    ruby-ole (1.2.11.3)
    rubyzip (0.9.8)
    sinatra (1.3.2)
      rack (~> 1.3, >= 1.3.6)
      rack-protection (~> 1.2)
      tilt (~> 1.3, >= 1.3.3)
    sinatra-contrib (1.3.1)
      backports (>= 2.0)
      eventmachine
      rack-protection
      rack-test
      sinatra (~> 1.3.0)
      tilt (~> 1.3)
    spreadsheet (0.6.9)
      ruby-ole (>= 1.0)
    tilt (1.3.3)
    todonotes (0.1.0)
      log4r
    unicorn (4.3.1)
      kgio (~> 2.6)
      rack
      raindrops (~> 0.7)

PLATFORMS
  ruby

DEPENDENCIES
  opentox-client!
  opentox-server!
  rack-test
  toxbank-investigation!
